GIT
  remote: git://github.com/lifo/cramp.git
  revision: 9a6662cc66e8b15198f174da284bcaf611fd12f0
  specs:
    cramp (0.15.1)
      activesupport (~> 3.0.9)
      eventmachine (~> 1.0.0.beta.3)
      faye-websocket (~> 0.3.0)
      rack (~> 1.3.2)
      thor (~> 0.14.6)

GIT
  remote: git://github.com/mloughran/em-hiredis.git
  revision: ff07044584aa20461707269d802f2caf55063a36
  specs:
    em-hiredis (0.1.0)
      hiredis (~> 0.3.0)

GEM
  remote: http://rubygems.org/
  specs:
    activesupport (3.0.12)
    async-rack (0.5.1)
      rack (~> 1.1)
    daemons (1.1.4)
    eventmachine (1.0.0.beta.3)
    faye-websocket (0.3.0)
      eventmachine (>= 0.12.0)
    hiredis (0.3.2)
    http_router (0.10.2)
      rack (>= 1.0.0)
      url_mount (~> 0.2.1)
    rack (1.3.2)
    thin (1.2.11)
      daemons (>= 1.0.9)
      eventmachine (>= 0.12.6)
      rack (>= 1.0.0)
    thor (0.14.6)
    url_mount (0.2.1)
      rack
    yajl-ruby (0.8.2)

PLATFORMS
  ruby

DEPENDENCIES
  async-rack
  cramp!
  em-hiredis!
  http_router
  thin
  yajl-ruby
